PATH
  remote: .
  specs:
    everdeen (0.1.0)

GEM
  remote: https://rubygems.org/
  specs:

PLATFORMS
  ruby

DEPENDENCIES
  bundler (~> 1.8)
  everdeen!
